GIT
  remote: https://github.com/eddietejeda/administrate-field-json.git
  revision: 53b1099be0298b2384bf3ff3d168e168d5fbd875
  branch: master
  specs:
    administrate-field-json (0.0.4)
      administrate (~> 0.3)
      rails (>= 4.2, < 5.3)

GIT
  remote: https://github.com/refile/refile-mini_magick.git
  revision: 466e30cf5878844b0e0bc4588f766bb18dabdd2b
  specs:
    refile-mini_magick (0.2.0)
      image_processing (~> 1.1)
      mini_magick (~> 4.0)
      refile (~> 0.6)

GIT
  remote: https://github.com/refile/refile.git
  revision: 47778bdfceb81dc34f348a050232e7ab70a85e44
  specs:
    refile (0.6.2)
      mime-types
      rest-client (>= 1.8, < 3.0)
      sinatra (>= 2.0.0, <= 3.0.0)

GIT
  remote: https://github.com/thoughtbot/administrate.git
  revision: 2c54226aeaebc1ac5316ccd22e87d3080e3608ed
  specs:
    administrate (0.10.0)
      actionpack (>= 4.2, < 6.0)
      actionview (>= 4.2, < 6.0)
      activerecord (>= 4.2, < 6.0)
      autoprefixer-rails (>= 6.0)
      datetime_picker_rails (~> 0.0.7)
      jquery-rails (>= 4.0)
      kaminari (>= 1.0)
      momentjs-rails (~> 2.8)
      sass-rails (~> 5.0)
      selectize-rails (~> 0.6)

GEM
  remote: https://rubygems.org/
  specs:
    actioncable (5.1.6)
      actionpack (= 5.1.6)
      nio4r (~> 2.0)
      websocket-driver (~> 0.6.1)
    actionmailer (5.1.6)
      actionpack (= 5.1.6)
      actionview (= 5.1.6)
      activejob (= 5.1.6)
      mail (~> 2.5, >= 2.5.4)
      rails-dom-testing (~> 2.0)
    actionpack (5.1.6)
      actionview (= 5.1.6)
      activesupport (= 5.1.6)
      rack (~> 2.0)
      rack-test (>= 0.6.3)
      rails-dom-testing (~> 2.0)
      rails-html-sanitizer (~> 1.0, >= 1.0.2)
    actionview (5.1.6)
      activesupport (= 5.1.6)
      builder (~> 3.1)
      erubi (~> 1.4)
      rails-dom-testing (~> 2.0)
      rails-html-sanitizer (~> 1.0, >= 1.0.3)
    active_model_serializers (0.10.7)
      actionpack (>= 4.1, < 6)
      activemodel (>= 4.1, < 6)
      case_transform (>= 0.2)
      jsonapi-renderer (>= 0.1.1.beta1, < 0.3)
    active_record_upsert (0.9.2)
      activerecord (>= 5.0, < 6.0)
      arel (> 7.0, < 10.0)
      pg (>= 0.18, < 2.0)
    activejob (5.1.6)
      activesupport (= 5.1.6)
      globalid (>= 0.3.6)
    activemodel (5.1.6)
      activesupport (= 5.1.6)
    activemodel-serializers-xml (1.0.2)
      activemodel (> 5.x)
      activesupport (> 5.x)
      builder (~> 3.1)
    activerecord (5.1.6)
      activemodel (= 5.1.6)
      activesupport (= 5.1.6)
      arel (~> 8.0)
    activesupport (5.1.6)
      concurrent-ruby (~> 1.0, >= 1.0.2)
      i18n (>= 0.7, < 2)
      minitest (~> 5.1)
      tzinfo (~> 1.1)
    addressable (2.5.2)
      public_suffix (>= 2.0.2, < 4.0)
    arel (8.0.0)
    autoprefixer-rails (9.1.1)
      execjs
    awesome_print (1.8.0)
    aws-sdk (2.11.107)
      aws-sdk-resources (= 2.11.107)
    aws-sdk-core (2.11.107)
      aws-sigv4 (~> 1.0)
      jmespath (~> 1.0)
    aws-sdk-resources (2.11.107)
      aws-sdk-core (= 2.11.107)
    aws-sigv4 (1.0.3)
    axiom-types (0.1.1)
      descendants_tracker (~> 0.0.4)
      ice_nine (~> 0.11.0)
      thread_safe (~> 0.3, >= 0.3.1)
    bcrypt (3.1.12-x64-mingw32)
    better_errors (2.4.0)
      coderay (>= 1.0.0)
      erubi (>= 1.0.0)
      rack (>= 0.9.0)
    bindex (0.5.0)
    bootstrap-sass (3.3.7)
      autoprefixer-rails (>= 5.2.1)
      sass (>= 3.3.4)
    builder (3.2.3)
    byebug (10.0.2)
    case_transform (0.2)
      activesupport
    city-state (0.0.13)
      rubyzip (~> 1.1)
    coderay (1.1.2)
    coercible (1.0.0)
      descendants_tracker (~> 0.0.1)
    concurrent-ruby (1.0.5)
    connection_pool (2.2.2)
    countries (2.1.4)
      i18n_data (~> 0.8.0)
      money (~> 6.9)
      sixarm_ruby_unaccent (~> 1.1)
      unicode_utils (~> 1.4)
    crass (1.0.4)
    datetime_picker_rails (0.0.7)
      momentjs-rails (>= 2.8.1)
    default_value_for (3.1.0)
      activerecord (>= 3.2.0, < 6.0)
    descendants_tracker (0.0.4)
      thread_safe (~> 0.3, >= 0.3.1)
    devise (4.4.3)
      bcrypt (~> 3.0)
      orm_adapter (~> 0.1)
      railties (>= 4.1.0, < 6.0)
      responders
      warden (~> 1.2.3)
    devise_invitable (1.7.4)
      actionmailer (>= 4.1.0)
      devise (>= 4.0.0)
    devise_token_auth (0.2.0)
      devise (> 3.5.2, < 4.5)
      rails (< 6)
    domain_name (0.5.20180417)
      unf (>= 0.0.5, < 1.0.0)
    draper (3.0.1)
      actionpack (~> 5.0)
      activemodel (~> 5.0)
      activemodel-serializers-xml (~> 1.0)
      activesupport (~> 5.0)
      request_store (~> 1.0)
    enumerize (2.2.2)
      activesupport (>= 3.2)
    equalizer (0.0.11)
    erubi (1.7.1)
    erubis (2.7.0)
    et-orbi (1.1.4)
      tzinfo
    execjs (2.7.0)
    factory_bot (4.10.0)
      activesupport (>= 3.0.0)
    faker (1.9.1)
      i18n (>= 0.7)
    faraday (0.12.2)
      multipart-post (>= 1.2, < 3)
    ffi (1.9.25-x64-mingw32)
    figaro (1.1.1)
      thor (~> 0.14)
    fugit (1.1.5)
      et-orbi (~> 1.1, >= 1.1.3)
      raabro (~> 1.1)
    geocoder (1.5.0)
    globalid (0.4.1)
      activesupport (>= 4.2.0)
    haml (5.0.4)
      temple (>= 0.8.0)
      tilt
    haml-rails (1.0.0)
      actionpack (>= 4.0.1)
      activesupport (>= 4.0.1)
      haml (>= 4.0.6, < 6.0)
      html2haml (>= 1.0.1)
      railties (>= 4.0.1)
    has_friendship (1.1.1)
      rails (>= 4.0.0, < 5.2.0)
      stateful_enum
    hashie (3.5.7)
    html2haml (2.2.0)
      erubis (~> 2.7.0)
      haml (>= 4.0, < 6)
      nokogiri (>= 1.6.0)
      ruby_parser (~> 3.5)
    http-cookie (1.0.3)
      domain_name (~> 0.5)
    httparty (0.16.2)
      multi_xml (>= 0.5.2)
    i18n (1.0.1)
      concurrent-ruby (~> 1.0)
    i18n_data (0.8.0)
    ice_nine (0.11.2)
    image_processing (1.6.0)
      mini_magick (~> 4.0)
      ruby-vips (>= 2.0.11, < 3)
    jmespath (1.4.0)
    jquery-rails (4.3.3)
      rails-dom-testing (>= 1, < 3)
      railties (>= 4.2.0)
      thor (>= 0.14, < 2.0)
    json (2.1.0)
    jsonapi-renderer (0.2.0)
    jsonb_accessor (1.0.0)
      activerecord (>= 5.0)
      activesupport (>= 5.0)
      pg (>= 0.18.1)
    jwt (1.5.6)
    kaminari (1.1.1)
      activesupport (>= 4.1.0)
      kaminari-actionview (= 1.1.1)
      kaminari-activerecord (= 1.1.1)
      kaminari-core (= 1.1.1)
    kaminari-actionview (1.1.1)
      actionview
      kaminari-core (= 1.1.1)
    kaminari-activerecord (1.1.1)
      activerecord
      kaminari-core (= 1.1.1)
    kaminari-core (1.1.1)
    koala (3.0.0)
      addressable
      faraday
      json (>= 1.8)
    listen (3.1.5)
      rb-fsevent (~> 0.9, >= 0.9.4)
      rb-inotify (~> 0.9, >= 0.9.7)
      ruby_dep (~> 1.2)
    loofah (2.2.2)
      crass (~> 1.0.2)
      nokogiri (>= 1.5.9)
    mail (2.7.0)
      mini_mime (>= 0.1.1)
    method_source (0.9.0)
    mime-types (3.2.2)
      mime-types-data (~> 3.2015)
    mime-types-data (3.2018.0812)
    mini_magick (4.8.0)
    mini_mime (1.0.1)
    mini_portile2 (2.3.0)
    minitest (5.11.3)
    momentjs-rails (2.20.1)
      railties (>= 3.1)
    money (6.12.0)
      i18n (>= 0.6.4, < 1.1)
    multi_json (1.13.1)
    multi_xml (0.6.0)
    multipart-post (2.0.0)
    mustermann (1.0.2)
    netrc (0.11.0)
    nio4r (2.3.1)
    nokogiri (1.8.4-x64-mingw32)
      mini_portile2 (~> 2.3.0)
    numbers_in_words (0.4.0)
      activesupport
    oauth2 (1.4.0)
      faraday (>= 0.8, < 0.13)
      jwt (~> 1.0)
      multi_json (~> 1.3)
      multi_xml (~> 0.5)
      rack (>= 1.2, < 3)
    omniauth (1.8.1)
      hashie (>= 3.4.6, < 3.6.0)
      rack (>= 1.6.2, < 3)
    omniauth-facebook (5.0.0)
      omniauth-oauth2 (~> 1.2)
    omniauth-google-oauth2 (0.5.3)
      jwt (>= 1.5)
      omniauth (>= 1.1.1)
      omniauth-oauth2 (>= 1.5)
    omniauth-oauth2 (1.5.0)
      oauth2 (~> 1.1)
      omniauth (~> 1.2)
    orm_adapter (0.5.0)
    pg (0.21.0-x64-mingw32)
    phone (1.2.3)
    phony (2.16.4)
    pry (0.11.3)
      coderay (~> 1.1.0)
      method_source (~> 0.9.0)
    public_suffix (3.0.2)
    puma (3.12.0)
    pundit (2.0.0)
      activesupport (>= 3.0.0)
    raabro (1.1.6)
    rack (2.0.5)
    rack-cors (1.0.2)
    rack-protection (2.0.3)
      rack
    rack-test (1.1.0)
      rack (>= 1.0, < 3)
    rails (5.1.6)
      actioncable (= 5.1.6)
      actionmailer (= 5.1.6)
      actionpack (= 5.1.6)
      actionview (= 5.1.6)
      activejob (= 5.1.6)
      activemodel (= 5.1.6)
      activerecord (= 5.1.6)
      activesupport (= 5.1.6)
      bundler (>= 1.3.0)
      railties (= 5.1.6)
      sprockets-rails (>= 2.0.0)
    rails-dom-testing (2.0.3)
      activesupport (>= 4.2.0)
      nokogiri (>= 1.6)
    rails-html-sanitizer (1.0.4)
      loofah (~> 2.2, >= 2.2.2)
    railties (5.1.6)
      actionpack (= 5.1.6)
      activesupport (= 5.1.6)
      method_source
      rake (>= 0.8.7)
      thor (>= 0.18.1, < 2.0)
    rake (12.3.1)
    rb-fsevent (0.10.3)
    rb-inotify (0.9.10)
      ffi (>= 0.5.0, < 2)
    redis (3.3.5)
    refile-s3 (0.2.0)
      aws-sdk (~> 2.0)
      refile (~> 0.6.0)
    render_anywhere (0.0.12)
      rails (>= 3.0.7)
    request_store (1.4.1)
      rack (>= 1.4)
    responders (2.4.0)
      actionpack (>= 4.2.0, < 5.3)
      railties (>= 4.2.0, < 5.3)
    rest-client (2.0.2-x64-mingw32)
      ffi (~> 1.9)
      http-cookie (>= 1.0.2, < 2.0)
      mime-types (>= 1.16, < 4.0)
      netrc (~> 0.8)
    rotp (3.3.1)
    ruby-vips (2.0.13)
      ffi (~> 1.9)
    ruby_dep (1.5.0)
    ruby_parser (3.11.0)
      sexp_processor (~> 4.9)
    rubyzip (1.2.1)
    rufus-scheduler (3.5.2)
      fugit (~> 1.1, >= 1.1.5)
    sass (3.5.7)
      sass-listen (~> 4.0.0)
    sass-listen (4.0.0)
      rb-fsevent (~> 0.9, >= 0.9.4)
      rb-inotify (~> 0.9, >= 0.9.7)
    sass-rails (5.0.7)
      railties (>= 4.0.0, < 6)
      sass (~> 3.1)
      sprockets (>= 2.8, < 4.0)
      sprockets-rails (>= 2.0, < 4.0)
      tilt (>= 1.1, < 3)
    seed-fu (2.3.9)
      activerecord (>= 3.1)
      activesupport (>= 3.1)
    selectize-rails (0.12.5)
    sexp_processor (4.11.0)
    sidekiq (5.2.1)
      connection_pool (~> 2.2, >= 2.2.2)
      rack-protection (>= 1.5.0)
      redis (>= 3.3.5, < 5)
    sidekiq-failures (1.0.0)
      sidekiq (>= 4.0.0)
    sidekiq-scheduler (3.0.0)
      redis (>= 3, < 5)
      rufus-scheduler (~> 3.2)
      sidekiq (>= 3)
      tilt (>= 1.4.0)
    sinatra (2.0.3)
      mustermann (~> 1.0)
      rack (~> 2.0)
      rack-protection (= 2.0.3)
      tilt (~> 2.0)
    sixarm_ruby_unaccent (1.2.0)
    spring (2.0.2)
      activesupport (>= 4.2)
    spring-watcher-listen (2.0.1)
      listen (>= 2.7, < 4.0)
      spring (>= 1.2, < 3.0)
    sprockets (3.7.2)
      concurrent-ruby (~> 1.0)
      rack (> 1, < 3)
    sprockets-rails (3.2.1)
      actionpack (>= 4.0)
      activesupport (>= 4.0)
      sprockets (>= 3.0.0)
    stateful_enum (0.4.0)
    storext (2.2.2)
      rails (>= 4.0, < 6.0)
      virtus
    swagger-docs (0.2.9)
      activesupport (>= 3)
      rails (>= 3)
    telephone_number (1.3.1)
    temple (0.8.0)
    textris (0.5.0)
      actionmailer (>= 4.0)
      activejob (>= 4.2)
      activesupport (>= 4.2)
      phony (~> 2.8)
      render_anywhere (~> 0.0)
    thor (0.20.0)
    thread_safe (0.3.6)
    tilt (2.0.8)
    twilio-ruby (5.12.1)
      faraday (~> 0.9)
      jwt (>= 1.5, <= 2.5)
      nokogiri (>= 1.6, < 2.0)
    tzinfo (1.2.5)
      thread_safe (~> 0.1)
    tzinfo-data (1.2018.5)
      tzinfo (>= 1.0.0)
    unf (0.1.4)
      unf_ext
    unf_ext (0.0.7.5-x64-mingw32)
    unicode_utils (1.4.0)
    versionist (1.7.0)
      activesupport (>= 3)
      railties (>= 3)
      yard (~> 0.9.11)
    virtus (1.0.5)
      axiom-types (~> 0.1)
      coercible (~> 1.0)
      descendants_tracker (~> 0.0, >= 0.0.3)
      equalizer (~> 0.0, >= 0.0.9)
    warden (1.2.7)
      rack (>= 1.0)
    wdm (0.1.1)
    web-console (3.6.2)
      actionview (>= 5.0)
      activemodel (>= 5.0)
      bindex (>= 0.4.0)
      railties (>= 5.0)
    websocket-driver (0.6.5)
      websocket-extensions (>= 0.1.0)
    websocket-extensions (0.1.3)
    yard (0.9.16)

PLATFORMS
  x64-mingw32

DEPENDENCIES
  active_model_serializers (~> 0.10.6)
  active_record_upsert
  administrate!
  administrate-field-json!
  awesome_print
  bcrypt (~> 3.1.7)
  better_errors
  bootstrap-sass
  byebug
  city-state
  countries
  default_value_for (~> 3.0, >= 3.0.2)
  devise
  devise_invitable
  devise_token_auth
  draper
  enumerize
  factory_bot
  faker
  figaro
  geocoder
  haml-rails (~> 1.0)
  has_friendship
  httparty
  jsonb_accessor (~> 1.0.0)
  jwt
  kaminari
  koala
  listen (>= 3.0.5, < 3.2)
  numbers_in_words
  omniauth
  omniauth-facebook
  omniauth-google-oauth2
  pg (~> 0.18)
  phone
  pry
  puma (~> 3.7)
  pundit
  rack-cors
  rails (~> 5.1.1)
  redis (~> 3.0)
  refile!
  refile-mini_magick!
  refile-s3
  responders
  rotp
  seed-fu (~> 2.3)
  sidekiq
  sidekiq-failures
  sidekiq-scheduler
  spring
  spring-watcher-listen (~> 2.0.0)
  storext
  swagger-docs
  telephone_number
  textris
  twilio-ruby
  tzinfo-data
  versionist
  wdm (~> 0.1.1)
  web-console

RUBY VERSION
   ruby 2.4.3p205

BUNDLED WITH
   1.16.3
